GEM
  remote: https://rubygems.org/
  specs:
    activesupport (4.2.0)
      i18n (~> 0.7)
      json (~> 1.7, >= 1.7.7)
      minitest (~> 5.1)
      thread_safe (~> 0.3, >= 0.3.4)
      tzinfo (~> 1.1)
    chrono (0.0.4)
      activesupport
    docomoru (0.1.0)
      activesupport
      faraday
      faraday_middleware
      json
      rack
      slop
    dotenv (1.0.2)
    faraday (0.9.0)
      multipart-post (>= 1.2, < 3)
    faraday_middleware (0.9.1)
      faraday (>= 0.7.4, < 0.10)
    hashie (3.3.2)
    i18n (0.7.0)
    json (1.8.1)
    mem (0.1.5)
    mini_portile (0.6.1)
    minitest (5.5.0)
    multi_xml (0.5.5)
    multipart-post (2.0.0)
    nokogiri (1.6.5)
      mini_portile (~> 0.6.0)
    rack (1.6.0)
    ruboty (1.1.2)
      activesupport
      bundler
      dotenv
      mem
      slop
    ruboty-cron (0.0.9)
      activesupport
      chrono
      ruboty (>= 0.2.0)
    ruboty-echo (0.0.1)
      ruboty
    ruboty-google_image (0.0.7)
      faraday
      faraday_middleware
      ruboty
    ruboty-hatena_hotentry (0.0.2)
      nokogiri
      ruboty
    ruboty-message_suffix (0.0.3)
      ruboty
    ruboty-slack (0.1.7)
      ruboty (>= 1.0.4)
      xrc (>= 0.0.6)
    ruboty-syoboi_calendar (0.0.7)
      activesupport
      ruboty
      syoboi_calendar (= 0.3.1)
    ruboty-talk (0.0.4)
      docomoru (>= 0.0.3)
      ruboty (>= 1.1.0)
    slop (3.6.0)
    syoboi_calendar (0.3.1)
      activesupport
      faraday
      faraday_middleware
      hashie
      multi_xml
    thread_safe (0.3.4)
    tzinfo (1.2.2)
      thread_safe (~> 0.1)
    xrc (0.1.4)
      activesupport

PLATFORMS
  ruby

DEPENDENCIES
  ruboty
  ruboty-cron
  ruboty-echo
  ruboty-google_image
  ruboty-hatena_hotentry
  ruboty-message_suffix
  ruboty-slack
  ruboty-syoboi_calendar
  ruboty-talk
