GEM
  remote: https://rubygems.org/
  specs:
    activesupport (4.1.8)
      i18n (~> 0.6, >= 0.6.9)
      json (~> 1.7, >= 1.7.7)
      minitest (~> 5.1)
      thread_safe (~> 0.1)
      tzinfo (~> 1.1)
    dotenv (1.0.2)
    i18n (0.6.11)
    json (1.8.1)
    mem (0.1.5)
    minitest (5.5.0)
    ruboty (1.1.2)
      activesupport
      bundler
      dotenv
      mem
      slop
    slop (3.6.0)
    thread_safe (0.3.4)
    tzinfo (1.2.2)
      thread_safe (~> 0.1)

PLATFORMS
  ruby

DEPENDENCIES
  ruboty
